GEM
  remote: https://rubygems.org/
  specs:
    activemodel (5.2.8.1)
      activesupport (= 5.2.8.1)
    activerecord (5.2.8.1)
      activemodel (= 5.2.8.1)
      activesupport (= 5.2.8.1)
      arel (>= 9.0)
    activesupport (5.2.8.1)
      concurrent-ruby (~> 1.0, >= 1.0.2)
      i18n (>= 0.7, < 2)
      minitest (~> 5.1)
      tzinfo (~> 1.1)
    arel (9.0.0)
    bond (0.5.1)
    concurrent-ruby (1.1.10)
    ffi (1.15.5)
    ffi-compiler (0.1.3)
      ffi (>= 1.0.0)
      rake
    i18n (1.12.0)
      concurrent-ruby (~> 1.0)
    minitest (5.16.3)
    nio4r (2.5.8)
    puma (4.3.12)
      nio4r (~> 2.0)
    rack (1.6.13)
    rack-protection (1.5.3)
      rack
    rack-test (0.6.2)
      rack (>= 1.0)
    rake (10.3.2)
    ripl (0.7.1)
      bond (~> 0.5.1)
    ripl-multi_line (0.3.1)
      ripl (>= 0.3.6)
    ripl-rack (0.2.1)
      rack (>= 1.0)
      rack-test (~> 0.6.2)
      ripl (>= 0.7.0)
    scrypt (2.0.0)
      ffi-compiler (>= 0.0.2)
      rake
    shotgun (0.9)
      rack (>= 1.0)
    sinatra (1.4.5)
      rack (~> 1.4)
      rack-protection (~> 1.4)
      tilt (~> 1.3, >= 1.3.4)
    sinatra-activerecord (2.0.3)
      activerecord (>= 3.2)
      sinatra (~> 1.0)
    sqlite3 (1.3.10)
    thread_safe (0.3.6)
    tilt (1.4.1)
    tux (0.3.0)
      ripl (>= 0.3.5)
      ripl-multi_line (>= 0.2.4)
      ripl-rack (>= 0.2.0)
      sinatra (>= 1.2.1)
    tzinfo (1.2.10)
      thread_safe (~> 0.1)

PLATFORMS
  ruby

DEPENDENCIES
  activerecord
  puma
  scrypt
  shotgun
  sinatra
  sinatra-activerecord
  sqlite3
  tux
